GEM
  remote: https://rubygems.org/
  specs:
    ansi (1.5.0)
    aws-eventstream (1.1.0)
    aws-partitions (1.416.0)
    aws-sdk-core (3.111.1)
      aws-eventstream (~> 1, >= 1.0.2)
      aws-partitions (~> 1, >= 1.239.0)
      aws-sigv4 (~> 1.1)
      jmespath (~> 1.0)
    aws-sdk-kms (1.41.0)
      aws-sdk-core (~> 3, >= 3.109.0)
      aws-sigv4 (~> 1.1)
    aws-sdk-s3 (1.87.0)
      aws-sdk-core (~> 3, >= 3.109.0)
      aws-sdk-kms (~> 1)
      aws-sigv4 (~> 1.1)
    aws-sigv4 (1.2.2)
      aws-eventstream (~> 1, >= 1.0.2)
    bcrypt (3.1.16)
    builder (3.2.4)
    date (3.1.1)
    docile (1.3.5)
    dotenv (2.7.6)
    erubis (2.7.0)
    jmespath (1.4.0)
    minitest (5.14.3)
    minitest-reporters (1.4.2)
      ansi
      builder
      minitest (>= 5.0)
      ruby-progressbar
    multi_json (1.15.0)
    mustermann (1.1.1)
      ruby2_keywords (~> 0.0.1)
    pg (1.2.3)
    rack (2.2.3)
    rack-protection (2.1.0)
      rack
    rack-test (1.1.0)
      rack (>= 1.0, < 3)
    ruby-progressbar (1.11.0)
    ruby2_keywords (0.0.2)
    securerandom (0.1.0)
    simplecov (0.21.2)
      docile (~> 1.1)
      simplecov-html (~> 0.11)
      simplecov_json_formatter (~> 0.1)
    simplecov-html (0.12.3)
    simplecov_json_formatter (0.1.2)
    sinatra (2.1.0)
      mustermann (~> 1.0)
      rack (~> 2.2)
      rack-protection (= 2.1.0)
      tilt (~> 2.0)
    sinatra-contrib (2.1.0)
      multi_json
      mustermann (~> 1.0)
      rack-protection (= 2.1.0)
      sinatra (= 2.1.0)
      tilt (~> 2.0)
    tilt (2.0.10)
    time (0.1.0)

PLATFORMS
  ruby

DEPENDENCIES
  aws-sdk-s3
  bcrypt
  date
  dotenv
  erubis
  minitest
  minitest-reporters
  pg
  rack-test
  securerandom
  simplecov
  sinatra (~> 2.1.0)
  sinatra-contrib
  time

RUBY VERSION
   ruby 2.6.3p62

BUNDLED WITH
   2.1.4
